PATH
  remote: .
  specs:
    efficient_translations (0.0.2)
      activerecord (~> 2.3)
      activesupport (~> 2.3)

GEM
  remote: https://rubygems.org/
  specs:
    activerecord (2.3.11)
      activesupport (= 2.3.11)
    activesupport (2.3.11)
    diff-lcs (1.1.3)
    rake (0.9.2.2)
    rspec (2.7.0)
      rspec-core (~> 2.7.0)
      rspec-expectations (~> 2.7.0)
      rspec-mocks (~> 2.7.0)
    rspec-core (2.7.1)
    rspec-expectations (2.7.0)
      diff-lcs (~> 1.1.2)
    rspec-mocks (2.7.0)
    sqlite3 (1.3.5)

PLATFORMS
  ruby

DEPENDENCIES
  efficient_translations!
  rake
  rspec
  sqlite3
